PATH
  remote: .
  specs:
    coolCrawler (0.1.0)
      async-http
      nokogiri
      open-uri
      uri

GEM
  remote: https://rubygems.org/
  specs:
    ast (2.4.2)
    async (2.1.0)
      console (~> 1.10)
      io-event (~> 1.0.0)
      timers (~> 4.1)
    async-http (0.59.2)
      async (>= 1.25)
      async-io (>= 1.28)
      async-pool (>= 0.2)
      protocol-http (~> 0.23.1)
      protocol-http1 (~> 0.14.0)
      protocol-http2 (~> 0.14.0)
      traces (>= 0.4.0)
    async-io (1.34.0)
      async
    async-pool (0.3.12)
      async (>= 1.25)
    console (1.15.3)
      fiber-local
    date (3.2.2)
    diff-lcs (1.5.0)
    fiber-local (1.0.0)
    io-event (1.0.9)
    json (2.6.2)
    nokogiri (1.13.8-x86_64-linux)
      racc (~> 1.4)
    open-uri (0.2.0)
      stringio
      time
      uri
    parallel (1.22.1)
    parser (3.1.2.1)
      ast (~> 2.4.1)
    protocol-hpack (1.4.2)
    protocol-http (0.23.12)
    protocol-http1 (0.14.6)
      protocol-http (~> 0.22)
    protocol-http2 (0.14.2)
      protocol-hpack (~> 1.4)
      protocol-http (~> 0.18)
    racc (1.6.0)
    rainbow (3.1.1)
    rake (13.0.6)
    regexp_parser (2.6.0)
    rexml (3.2.5)
    rspec (3.11.0)
      rspec-core (~> 3.11.0)
      rspec-expectations (~> 3.11.0)
      rspec-mocks (~> 3.11.0)
    rspec-core (3.11.0)
      rspec-support (~> 3.11.0)
    rspec-expectations (3.11.1)
      diff-lcs (>= 1.2.0, < 2.0)
      rspec-support (~> 3.11.0)
    rspec-mocks (3.11.1)
      diff-lcs (>= 1.2.0, < 2.0)
      rspec-support (~> 3.11.0)
    rspec-support (3.11.1)
    rubocop (1.36.0)
      json (~> 2.3)
      parallel (~> 1.10)
      parser (>= 3.1.2.1)
      rainbow (>= 2.2.2, < 4.0)
      regexp_parser (>= 1.8, < 3.0)
      rexml (>= 3.2.5, < 4.0)
      rubocop-ast (>= 1.20.1, < 2.0)
      ruby-progressbar (~> 1.7)
      unicode-display_width (>= 1.4.0, < 3.0)
    rubocop-ast (1.21.0)
      parser (>= 3.1.1.0)
    ruby-progressbar (1.11.0)
    stringio (3.0.2)
    time (0.2.0)
      date
    timers (4.3.4)
    traces (0.7.0)
    unicode-display_width (2.3.0)
    uri (0.11.0)

PLATFORMS
  x86_64-linux

DEPENDENCIES
  coolCrawler!
  rake (~> 13.0)
  rspec (~> 3.0)
  rubocop (~> 1.21)

BUNDLED WITH
   2.3.7
